PATH
  remote: .
  specs:
    dollhouse (0.2.0)
      fog (~> 0.2.30)
      main (~> 4.2.0)
      net-sftp (~> 2.0.4)
      net-ssh (~> 2.0.23)

GEM
  remote: http://rubygems.org/
  specs:
    arrayfields (4.7.4)
    builder (2.1.2)
    cucumber (0.9.4)
      builder (~> 2.1.2)
      diff-lcs (~> 1.1.2)
      gherkin (~> 2.2.9)
      json (~> 1.4.6)
      term-ansicolor (~> 1.0.5)
    diff-lcs (1.1.2)
    excon (0.2.4)
    fattr (2.2.0)
    fog (0.2.30)
      builder
      excon (>= 0.2.0)
      formatador (>= 0.0.15)
      json
      mime-types
      net-ssh
      nokogiri (>= 1.4.3.1)
      ruby-hmac
    formatador (0.0.15)
    gherkin (2.2.9)
      json (~> 1.4.6)
      term-ansicolor (~> 1.0.5)
    json (1.4.6)
    main (4.2.0)
      arrayfields (>= 4.7.4)
      fattr (>= 2.1.0)
    mime-types (1.16)
    net-sftp (2.0.5)
      net-ssh (>= 2.0.9)
    net-ssh (2.0.23)
    nokogiri (1.4.3.1)
    rake (0.8.7)
    rspec (2.0.1)
      rspec-core (~> 2.0.1)
      rspec-expectations (~> 2.0.1)
      rspec-mocks (~> 2.0.1)
    rspec-core (2.0.1)
    rspec-expectations (2.0.1)
      diff-lcs (>= 1.1.2)
    rspec-mocks (2.0.1)
      rspec-core (~> 2.0.1)
      rspec-expectations (~> 2.0.1)
    ruby-hmac (0.4.0)
    term-ansicolor (1.0.5)

PLATFORMS
  ruby

DEPENDENCIES
  cucumber (~> 0.9.3)
  dollhouse!
  fog (~> 0.2.30)
  main (~> 4.2.0)
  net-sftp (~> 2.0.4)
  net-ssh (~> 2.0.23)
  rake (~> 0.8.7)
  rspec (~> 2.0.0)
