PATH
  remote: .
  specs:
    dollhouse (0.2.2.pre)
      fog (~> 0.2.30)
      main (~> 4.2.0)
      net-sftp (~> 2.0.4)
      net-ssh (>= 2.0.23)

GEM
  remote: http://rubygems.org/
  specs:
    arrayfields (4.7.4)
    builder (3.0.0)
    diff-lcs (1.1.3)
    excon (0.7.1)
    fattr (2.2.0)
    fog (0.2.30)
      builder
      excon (>= 0.2.0)
      formatador (>= 0.0.15)
      json
      mime-types
      net-ssh
      nokogiri (>= 1.4.3.1)
      ruby-hmac
    formatador (0.2.1)
    json (1.6.1)
    main (4.2.0)
      arrayfields (>= 4.7.4)
      fattr (>= 2.1.0)
    mime-types (1.16)
    net-sftp (2.0.5)
      net-ssh (>= 2.0.9)
    net-ssh (2.2.1)
    nokogiri (1.5.0)
    rake (0.9.2)
    rspec (2.6.0)
      rspec-core (~> 2.6.0)
      rspec-expectations (~> 2.6.0)
      rspec-mocks (~> 2.6.0)
    rspec-core (2.6.4)
    rspec-expectations (2.6.0)
      diff-lcs (~> 1.1.2)
    rspec-mocks (2.6.0)
    ruby-hmac (0.4.0)

PLATFORMS
  ruby

DEPENDENCIES
  dollhouse!
  rake
  rspec
